NUGET
  remote: https://www.nuget.org/api/v2
  specs:
    FAKE (3.36.0)
    FsCheck (1.0.0) - framework: >= net45
    FsCheck.Nunit (1.0.0) - framework: >= net45
      FsCheck (>= 1.0.0)
      NUnit (>= 2.6.3)
      NUnit.Runners (>= 2.6.3)
    FSharp.Compiler.Service (1.4.0.1) - framework: >= net45
    FsUnit (1.3.0.1) - framework: >= net45
      NUnit (>= 2.6.3)
    NuGet.CommandLine (2.8.5)
    NUnit (2.6.3) - framework: >= net45
    NUnit.Runners (2.6.4)
